GIT
  remote: https://github.com/zzhaobraze/html-extractor
  revision: 7a53d233228302fd0b1ac4e0bd66a774f4eb8fe5
  branch: master
  specs:
    algolia_html_extractor (2.6.1a)
      json (~> 2.0)
      nokogiri (~> 1.11.1)

GIT
  remote: https://github.com/zzhaobraze/jekyll-algolia
  revision: ae825fcb66a2a9fec605e6d3c1dff7c9aee742d5
  branch: master
  specs:
    jekyll-algolia (1.6.0)
      algoliasearch (= 1.26.1)
      filesize (~> 0.1)
      jekyll (>= 3.6, < 5.0)
      json (~> 2.0)
      nokogiri (~> 1.11.1)
      progressbar (~> 1.9)
      verbal_expressions (~> 0.1.5)

GEM
  remote: https://rubygems.org/
  specs:
    addressable (2.7.0)
      public_suffix (>= 2.0.2, < 5.0)
    algoliasearch (1.26.1)
      httpclient (~> 2.8, >= 2.8.3)
      json (>= 1.5.1)
    colorator (1.1.0)
    concurrent-ruby (1.1.7)
    em-websocket (0.5.1)
      eventmachine (>= 0.12.9)
      http_parser.rb (~> 0.6.0)
    eventmachine (1.2.7)
    ffi (1.13.1)
    filesize (0.2.0)
    forwardable-extended (2.6.0)
    http_parser.rb (0.6.0)
    httpclient (2.8.3)
    i18n (0.9.5)
      concurrent-ruby (~> 1.0)
    jekyll (3.9.0)
      addressable (~> 2.4)
      colorator (~> 1.0)
      em-websocket (~> 0.5)
      i18n (~> 0.7)
      jekyll-sass-converter (~> 1.0)
      jekyll-watch (~> 2.0)
      kramdown (>= 1.17, < 3)
      liquid (~> 4.0)
      mercenary (~> 0.3.3)
      pathutil (~> 0.9)
      rouge (>= 1.7, < 4)
      safe_yaml (~> 1.0)
    jekyll-feed (0.15.0)
      jekyll (>= 3.7, < 5.0)
    jekyll-sass-converter (1.5.2)
      sass (~> 3.4)
    jekyll-seo-tag (2.6.1)
      jekyll (>= 3.3, < 5.0)
    jekyll-watch (2.2.1)
      listen (~> 3.0)
    jekyll_asset_pipeline (0.6.2)
      jekyll (>= 3.5, < 5.0)
      liquid (~> 4.0)
    json (2.5.1)
    kramdown (2.3.0)
      rexml
    kramdown-parser-gfm (1.1.0)
      kramdown (~> 2.0)
    liquid (4.0.3)
    listen (3.2.1)
      rb-fsevent (~> 0.10, >= 0.10.3)
      rb-inotify (~> 0.9, >= 0.9.10)
    mercenary (0.3.6)
    mini_portile2 (2.5.0)
    minima (2.5.1)
      jekyll (>= 3.5, < 5.0)
      jekyll-feed (~> 0.9)
      jekyll-seo-tag (~> 2.1)
    mustermann (1.1.1)
      ruby2_keywords (~> 0.0.1)
    nio4r (2.5.2)
    nokogiri (1.11.1)
      mini_portile2 (~> 2.5.0)
      racc (~> 1.4)
    pathutil (0.16.2)
      forwardable-extended (~> 2.6)
    progressbar (1.11.0)
    public_suffix (4.0.5)
    puma (4.3.5)
      nio4r (~> 2.0)
    racc (1.5.2)
    rack (2.2.3)
    rack-jekyll (0.3.5)
      jekyll
      rack
    rack-protection (2.0.8.1)
      rack
    rack-proxy (0.6.5)
      rack
    rack-reverse-proxy (0.12.0)
      rack (>= 1.0.0)
      rack-proxy (~> 0.6, >= 0.6.1)
    rack-rewrite (1.5.1)
    rake (13.0.1)
    rb-fsevent (0.10.4)
    rb-inotify (0.10.1)
      ffi (~> 1.0)
    rexml (3.2.4)
    rouge (3.21.0)
    ruby2_keywords (0.0.2)
    safe_yaml (1.0.5)
    sass (3.7.4)
      sass-listen (~> 4.0.0)
    sass-listen (4.0.0)
      rb-fsevent (~> 0.9, >= 0.9.4)
      rb-inotify (~> 0.9, >= 0.9.7)
    sinatra (2.0.8.1)
      mustermann (~> 1.0)
      rack (~> 2.0)
      rack-protection (= 2.0.8.1)
      tilt (~> 2.0)
    tilt (2.0.10)
    verbal_expressions (0.1.5)
    yui-compressor (0.12.0)

PLATFORMS
  ruby

DEPENDENCIES
  algolia_html_extractor!
  jekyll (~> 3.9.0)
  jekyll-algolia (~> 1.0)!
  jekyll_asset_pipeline
  kramdown (>= 2.3.0)
  kramdown-parser-gfm
  minima (~> 2.0)
  puma (= 4.3.5)
  rack
  rack-jekyll
  rack-reverse-proxy
  rack-rewrite
  rake
  rouge
  sass
  sinatra
  yui-compressor

RUBY VERSION
   ruby 2.6.5p114

BUNDLED WITH
   1.17.3
